PATH
  remote: .
  specs:
    spinjector (0.0.6)
      optparse (~> 0.1)
      xcodeproj (~> 1.21)
      yaml (~> 0.2)

GEM
  remote: https://rubygems.org/
  specs:
    CFPropertyList (3.0.5)
      rexml
    ansi (1.5.0)
    atomos (0.1.3)
    builder (3.2.4)
    claide (1.1.0)
    colored2 (3.1.2)
    minitest (5.15.0)
    minitest-hooks (1.5.0)
      minitest (> 5.3)
    minitest-reporters (1.5.0)
      ansi
      builder
      minitest (>= 5.0)
      ruby-progressbar
    nanaimo (0.3.0)
    optparse (0.2.0)
    rake (12.3.3)
    rexml (3.2.5)
    ruby-progressbar (1.11.0)
    xcodeproj (1.21.0)
      CFPropertyList (>= 2.3.3, < 4.0)
      atomos (~> 0.1.3)
      claide (>= 1.0.2, < 2.0)
      colored2 (~> 3.1)
      nanaimo (~> 0.3.0)
      rexml (~> 3.2.4)
    yaml (0.2.0)

PLATFORMS
  x86_64-darwin-18

DEPENDENCIES
  bundler (>= 1.12.0, < 3.0.0)
  minitest (~> 5.11)
  minitest-hooks (~> 1.5)
  minitest-reporters (~> 1.3)
  rake (~> 12.3)
  spinjector!

BUNDLED WITH
   2.2.26
